PATH
  remote: .
  specs:
    guard-sorbet (0.1.0)
      guard (>= 2.16.0, < 3.0.0)
      sorbet
      sorbet-runtime

GEM
  remote: https://rubygems.org/
  specs:
    ast (2.4.2)
    coderay (1.1.3)
    diff-lcs (1.5.0)
    ffi (1.15.5)
    formatador (1.1.0)
    guard (2.16.2)
      formatador (>= 0.2.4)
      listen (>= 2.7, < 4.0)
      lumberjack (>= 1.0.12, < 2.0)
      nenv (~> 0.1)
      notiffany (~> 0.0)
      pry (>= 0.9.12)
      shellany (~> 0.0)
      thor (>= 0.18.1)
    guard-compat (1.2.1)
    guard-minitest (2.4.6)
      guard-compat (~> 1.2)
      minitest (>= 3.0)
    json (2.6.3)
    listen (3.8.0)
      rb-fsevent (~> 0.10, >= 0.10.3)
      rb-inotify (~> 0.9, >= 0.9.10)
    lumberjack (1.2.8)
    method_source (1.0.0)
    minitest (5.18.0)
    mocha (2.0.2)
      ruby2_keywords (>= 0.0.5)
    nenv (0.3.0)
    netrc (0.11.0)
    notiffany (0.1.3)
      nenv (~> 0.1)
      shellany (~> 0.0)
    parallel (1.23.0)
    parser (3.2.2.1)
      ast (~> 2.4.1)
    pry (0.14.2)
      coderay (~> 1.1)
      method_source (~> 1.0)
    rainbow (3.1.1)
    rake (13.0.6)
    rb-fsevent (0.11.2)
    rb-inotify (0.10.1)
      ffi (~> 1.0)
    rbi (0.0.16)
      ast
      parser (>= 2.6.4.0)
      sorbet-runtime (>= 0.5.9204)
      unparser
    regexp_parser (2.8.0)
    rexml (3.2.5)
    rubocop (1.50.2)
      json (~> 2.3)
      parallel (~> 1.10)
      parser (>= 3.2.0.0)
      rainbow (>= 2.2.2, < 4.0)
      regexp_parser (>= 1.8, < 3.0)
      rexml (>= 3.2.5, < 4.0)
      rubocop-ast (>= 1.28.0, < 2.0)
      ruby-progressbar (~> 1.7)
      unicode-display_width (>= 2.4.0, < 3.0)
    rubocop-ast (1.28.1)
      parser (>= 3.2.1.0)
    ruby-progressbar (1.13.0)
    ruby2_keywords (0.0.5)
    shellany (0.0.1)
    sorbet (0.5.10827)
      sorbet-static (= 0.5.10827)
    sorbet-runtime (0.5.10827)
    sorbet-static (0.5.10827-universal-darwin-20)
    sorbet-static (0.5.10827-universal-darwin-22)
    sorbet-static (0.5.10827-x86_64-linux)
    sorbet-static-and-runtime (0.5.10827)
      sorbet (= 0.5.10827)
      sorbet-runtime (= 0.5.10827)
    spoom (1.2.1)
      sorbet (>= 0.5.10187)
      sorbet-runtime (>= 0.5.9204)
      thor (>= 0.19.2)
    tapioca (0.11.6)
      bundler (>= 2.2.25)
      netrc (>= 0.11.0)
      parallel (>= 1.21.0)
      rbi (~> 0.0.0, >= 0.0.16)
      sorbet-static-and-runtime (>= 0.5.10187)
      spoom (~> 1.2.0, >= 1.2.0)
      thor (>= 1.2.0)
      yard-sorbet
    thor (1.2.2)
    unicode-display_width (2.4.2)
    unparser (0.6.7)
      diff-lcs (~> 1.3)
      parser (>= 3.2.0)
    yard (0.9.34)
    yard-sorbet (0.8.1)
      sorbet-runtime (>= 0.5)
      yard (>= 0.9)

PLATFORMS
  -darwin-20
  arm64-darwin-22
  x86_64-linux

DEPENDENCIES
  guard-minitest
  guard-sorbet!
  minitest
  mocha
  pry
  rake
  rubocop
  tapioca

BUNDLED WITH
   2.4.13
